PATH
  remote: ../
  specs:
    motion-launchimages (1.0.0)

GEM
  remote: https://rubygems.org/
  specs:
    rake (12.3.0)

PLATFORMS
  ruby

DEPENDENCIES
  motion-launchimages!
  rake

BUNDLED WITH
   1.13.7
